GIT
  remote: git://github.com/pat/thinking-sphinx.git
  revision: 88f077db8e862e48f288806cb97bc571c6a7f8c3
  ref: 88f077db8e
  branch: v2
  specs:
    thinking-sphinx (2.0.14)
      activerecord (>= 3.0.3)
      builder (>= 2.1.2)
      innertube (~> 1.0.2)
      riddle (>= 1.5.3)

GEM
  remote: https://rubygems.org/
  specs:
    activemodel (3.2.13)
      activesupport (= 3.2.13)
      builder (~> 3.0.0)
    activerecord (3.2.13)
      activemodel (= 3.2.13)
      activesupport (= 3.2.13)
      arel (~> 3.0.2)
      tzinfo (~> 0.3.29)
    activesupport (3.2.13)
      i18n (= 0.6.1)
      multi_json (~> 1.0)
    arel (3.0.2)
    builder (3.0.4)
    faraday (0.8.7)
      multipart-post (~> 1.1)
    faraday_middleware (0.9.0)
      faraday (>= 0.7.4, < 0.9)
    flying-sphinx (0.8.5)
      faraday_middleware (~> 0.7)
      multi_json (>= 1.0.1)
      rash (~> 0.3.0)
      riddle (>= 1.5.0)
      thinking-sphinx
    hashie (1.2.0)
    i18n (0.6.1)
    innertube (1.0.2)
    json (1.7.7)
    multi_json (1.7.3)
    multipart-post (1.2.0)
    pg (0.15.1)
    rack (1.5.2)
    rack-protection (1.5.0)
      rack
    rash (0.3.2)
      hashie (~> 1.2.0)
    riddle (1.5.5)
    sinatra (1.3.6)
      rack (~> 1.4)
      rack-protection (~> 1.3)
      tilt (~> 1.3, >= 1.3.3)
    tilt (1.4.0)
    tzinfo (0.3.37)

PLATFORMS
  ruby

DEPENDENCIES
  activerecord (~> 3.2.13)
  flying-sphinx (= 0.8.5)
  json (~> 1.7.7)
  pg (~> 0.15.1)
  sinatra (~> 1.3.6)
  thinking-sphinx (~> 2.0)!
